GEM
  remote: http://rubygems.org/
  specs:
    cool.io (1.6.0)
    dig_rb (1.0.1)
    fluent-plugin-heroku-http (0.0.1)
      fluentd (>= 1.0)
    fluent-plugin-newrelic (1.1.8)
      fluentd (>= 1.0.0)
    fluentd (1.2.6)
      cool.io (>= 1.4.5, < 2.0.0)
      dig_rb (~> 1.0.0)
      http_parser.rb (>= 0.5.1, < 0.7.0)
      msgpack (>= 0.7.0, < 2.0.0)
      serverengine (>= 2.0.4, < 3.0.0)
      sigdump (~> 0.2.2)
      strptime (>= 0.2.2, < 1.0.0)
      tzinfo (~> 1.0)
      tzinfo-data (~> 1.0)
      yajl-ruby (~> 1.0)
    http_parser.rb (0.6.0)
    msgpack (1.3.3)
    serverengine (2.2.1)
      sigdump (~> 0.2.2)
    sigdump (0.2.4)
    strptime (0.2.3)
    thread_safe (0.3.6)
    tzinfo (1.2.10)
      thread_safe (~> 0.1)
    tzinfo-data (1.2019.3)
      tzinfo (>= 1.0.0)
    yajl-ruby (1.4.1)

PLATFORMS
  ruby

DEPENDENCIES
  fluent-plugin-heroku-http (~> 0.0.1)
  fluent-plugin-newrelic (~> 1.1.8)
  fluentd (~> 1.2.6)

BUNDLED WITH
   2.1.4
